NUGET
  remote: https://www.myget.org/F/unic-chocolatey/api/v1
    curl (7.28.1)
  remote: https://www.nuget.org/api/v2
    Pester (3.4.3)
  remote: https://teamcity.unic.com/httpAuth/app/nuget/v1/FeedService.svc
    Unic.Bob.Config (2.0.0)
    Unic.Bob.Keith (1.1.0)
    Unic.Bob.Rubble (2.0.0)
