NUGET
  remote: https://www.myget.org/F/unic-chocolatey/api/v1
    curl (7.28.1)
  remote: https://www.nuget.org/api/v2
    Pester (4.0.8)
    Unic.Bob.Wendy (3.0.0)
    Unic.Bob.Keith (2.0.0)
    Unic.Bob.Rubble (3.0.0)
